GEM
  remote: http://rubygems.org/
  remote: http://nexus-dev.dlts.org:8081/nexus/content/repositories/gems-dlts/
  remote: http://nexus-dev.dlts.org:8081/nexus/content/groups/gems-all/
  specs:
    faraday (0.14.0)
      multipart-post (>= 1.2, < 3)
    hashie (3.5.7)
    jwt (2.1.0)
    multi_json (1.13.1)
    multi_xml (0.6.0)
    multipart-post (2.0.0)
    oauth2 (1.4.0)
      faraday (>= 0.8, < 0.15.0)
      jwt (>= 1.0, < 3.0)
      multi_json (~> 1.3)
      multi_xml (~> 0.5)
      rack (>= 1.2, < 3)
    omniauth (1.3.2)
      hashie (>= 1.2, < 4)
      rack (>= 1.0, < 3)
    omniauth-nyulibraries (2.1.2)
      omniauth-oauth2 (~> 1.3.1)
    omniauth-oauth2 (1.3.1)
      oauth2 (~> 1.0)
      omniauth (~> 1.2)
    rack (2.0.4)

PLATFORMS
  java

DEPENDENCIES
  oauth2 (= 1.4.0)!
  omniauth (~> 1.3.2)
  omniauth-nyulibraries (= 2.1.2)!
  omniauth-oauth2 (~> 1.3.1)

BUNDLED WITH
   1.12.5
